GIT
  remote: git://github.com/meducation/larva.git
  revision: 772c34f35b7180c5262da5b7eec0060a12dbce60
  branch: extract_sdk
  specs:
    larva (0.9.0)
      activesupport (>= 3.2)
      filum (~> 2.0)
      propono (~> 1.0)

PATH
  remote: .
  specs:
    larva_meducation (0.0.1)
      larva
      meducation_sdk (~> 2.0)

GEM
  remote: https://rubygems.org/
  specs:
    activesupport (3.2.19)
      i18n (~> 0.6, >= 0.6.4)
      multi_json (~> 1.0)
    api-auth (1.0.3)
    builder (3.2.2)
    excon (0.38.0)
    filum (2.0.0)
    fog (1.22.1)
      fog-brightbox
      fog-core (~> 1.22)
      fog-json
      ipaddress (~> 0.5)
      nokogiri (~> 1.5, >= 1.5.11)
    fog-brightbox (0.1.1)
      fog-core (~> 1.22)
      fog-json
      inflecto
    fog-core (1.22.0)
      builder
      excon (~> 0.33)
      formatador (~> 0.2)
      mime-types
      net-scp (~> 1.1)
      net-ssh (>= 2.1.3)
    fog-json (1.0.0)
      multi_json (~> 1.0)
    formatador (0.2.5)
    i18n (0.6.11)
    inflecto (0.0.2)
    ipaddress (0.8.0)
    loquor (1.13.0)
      api-auth (= 1.0.3)
      filum (~> 2.0)
      rest-client (= 1.6.7)
    meducation_sdk (2.2.0)
      activesupport (>= 3.2.15)
      filum (~> 2.0)
      loquor (~> 1.2)
    metaclass (0.0.4)
    mime-types (2.3)
    mini_portile (0.6.0)
    minitest (5.0.8)
    mocha (1.1.0)
      metaclass (~> 0.0.1)
    multi_json (1.10.1)
    net-scp (1.2.1)
      net-ssh (>= 2.6.5)
    net-ssh (2.9.1)
    nokogiri (1.6.2.1)
      mini_portile (= 0.6.0)
    propono (1.2.0)
      fog (~> 1.15)
    rake (10.3.2)
    rest-client (1.6.7)
      mime-types (>= 1.16)

PLATFORMS
  ruby

DEPENDENCIES
  bundler (~> 1.3)
  larva!
  larva_meducation!
  minitest (~> 5.0.8)
  mocha
  rake
